GEM
  remote: https://rubygems.org/
  specs:
    coderay (1.1.2)
    json (2.2.0)
    mandate (0.3.0)
    metaclass (0.0.4)
    method_source (0.9.2)
    minitest (5.11.3)
    mocha (1.9.0)
      metaclass (~> 0.0.1)
    pry (0.12.2)
      coderay (~> 1.1.0)
      method_source (~> 0.9.0)
    rake (12.3.3)

PLATFORMS
  ruby

DEPENDENCIES
  json
  mandate
  minitest (~> 5.11.3)
  mocha
  pry
  rake

BUNDLED WITH
   2.1.4
