GEM
  remote: https://rubygems.org/
  specs:
    ast (2.4.1)
    coderay (1.1.3)
    docile (1.3.2)
    json (2.2.0)
    mandate (0.3.0)
    method_source (1.0.0)
    minitest (5.11.3)
    mocha (1.11.2)
    parallel (1.19.2)
    parser (2.7.1.4)
      ast (~> 2.4.1)
    pry (0.13.1)
      coderay (~> 1.1)
      method_source (~> 1.0)
    rainbow (3.0.0)
    rake (12.3.3)
    regexp_parser (1.8.2)
    rexml (3.2.4)
    rubocop (0.90.0)
      parallel (~> 1.10)
      parser (>= 2.7.1.1)
      rainbow (>= 2.2.2, < 4.0)
      regexp_parser (>= 1.7)
      rexml
      rubocop-ast (>= 0.3.0, < 1.0)
      ruby-progressbar (~> 1.7)
      unicode-display_width (>= 1.4.0, < 2.0)
    rubocop-ast (0.3.0)
      parser (>= 2.7.1.4)
    rubocop-minitest (0.10.1)
      rubocop (>= 0.87)
    rubocop-performance (1.8.0)
      rubocop (>= 0.87.0)
    ruby-progressbar (1.10.1)
    simplecov (0.17.1)
      docile (~> 1.1)
      json (>= 1.8, < 3)
      simplecov-html (~> 0.10.0)
    simplecov-html (0.10.2)
    unicode-display_width (1.7.0)

PLATFORMS
  ruby

DEPENDENCIES
  json
  mandate
  minitest (~> 5.11.3)
  mocha
  parser
  pry
  rake
  rubocop
  rubocop-ast
  rubocop-minitest
  rubocop-performance
  simplecov (~> 0.17.0)

BUNDLED WITH
   2.1.4
