GEM
  remote: https://rubygems.org/
  specs:
    coderay (1.1.2)
    docile (1.3.2)
    json (2.2.0)
    mandate (0.3.0)
    metaclass (0.0.4)
    method_source (0.9.2)
    minitest (5.11.3)
    mocha (1.9.0)
      metaclass (~> 0.0.1)
    pry (0.12.2)
      coderay (~> 1.1.0)
      method_source (~> 0.9.0)
    rake (12.3.3)
    simplecov (0.17.1)
      docile (~> 1.1)
      json (>= 1.8, < 3)
      simplecov-html (~> 0.10.0)
    simplecov-html (0.10.2)

PLATFORMS
  ruby

DEPENDENCIES
  json
  mandate
  minitest (~> 5.11.3)
  mocha
  pry
  rake
  simplecov (~> 0.17.0)

BUNDLED WITH
   2.1.4
